GIT
  remote: https://github.com/betagouv/nanoc.git
  revision: a5fb9efd821419f8b8e4f1248587182292af00e0
  branch: fix/haml-filter
  specs:
    nanoc (4.12.14)
      addressable (~> 2.5)
      colored (~> 1.2)
      nanoc-checking (~> 1.0, >= 1.0.2)
      nanoc-cli (= 4.12.14)
      nanoc-core (= 4.12.14)
      nanoc-deploying (~> 1.0)
      parallel (~> 1.12)
      tty-command (~> 0.8)
      tty-which (~> 0.4)
    nanoc-checking (1.0.2)
      nanoc-cli (~> 4.12, >= 4.12.5)
      nanoc-core (~> 4.12, >= 4.12.5)
    nanoc-cli (4.12.14)
      cri (~> 2.15)
      diff-lcs (~> 1.3)
      nanoc-core (= 4.12.14)
      zeitwerk (~> 2.1)
    nanoc-core (4.12.14)
      concurrent-ruby (~> 1.1)
      ddmetrics (~> 1.0)
      ddplugin (~> 1.0)
      hamster (~> 3.0)
      json_schema (~> 0.19)
      memo_wise (~> 1.5)
      psych (~> 4.0)
      slow_enumerator_tools (~> 1.0)
      tty-platform (~> 0.2)
      zeitwerk (~> 2.1)
    nanoc-deploying (1.0.2)
      nanoc-checking (~> 1.0)
      nanoc-cli (~> 4.11, >= 4.11.15)
      nanoc-core (~> 4.11, >= 4.11.15)

PATH
  remote: .
  specs:
    dsfr-view-components (0.3.0)
      actionpack (>= 6.1)
      activemodel (>= 6.1)
      html-attributes-utils (~> 1)
      pagy (~> 6)
      railties (>= 6.1)
      view_component (~> 2)

GEM
  remote: https://rubygems.org/
  specs:
    actionpack (7.0.4)
      actionview (= 7.0.4)
      activesupport (= 7.0.4)
      rack (~> 2.0, >= 2.2.0)
      rack-test (>= 0.6.3)
      rails-dom-testing (~> 2.0)
      rails-html-sanitizer (~> 1.0, >= 1.2.0)
    actionview (7.0.4)
      activesupport (= 7.0.4)
      builder (~> 3.1)
      erubi (~> 1.4)
      rails-dom-testing (~> 2.0)
      rails-html-sanitizer (~> 1.1, >= 1.2.0)
    activemodel (7.0.4)
      activesupport (= 7.0.4)
    activesupport (7.0.4)
      concurrent-ruby (~> 1.0, >= 1.0.2)
      i18n (>= 1.6, < 2)
      minitest (>= 5.1)
      tzinfo (~> 2.0)
    addressable (2.8.1)
      public_suffix (>= 2.0.2, < 6.0)
    adsf (1.4.6)
      rack (>= 1.0.0, < 3.0.0)
    adsf-live (1.4.6)
      adsf (~> 1.3)
      em-websocket (~> 0.5)
      eventmachine (~> 1.2)
      listen (~> 3.0)
      rack-livereload (~> 0.3)
    ast (2.4.2)
    builder (3.2.4)
    byebug (11.1.3)
    coderay (1.1.3)
    colored (1.2)
    concurrent-ruby (1.1.10)
    crass (1.0.6)
    cri (2.15.11)
    ddmetrics (1.0.1)
    ddplugin (1.0.3)
    deep_merge (1.2.2)
    diff-lcs (1.5.0)
    docile (1.4.0)
    em-websocket (0.5.3)
      eventmachine (>= 0.12.9)
      http_parser.rb (~> 0)
    erubi (1.12.0)
    eventmachine (1.2.7)
    ffi (1.15.5)
    formatador (1.1.0)
    guard (2.18.0)
      formatador (>= 0.2.4)
      listen (>= 2.7, < 4.0)
      lumberjack (>= 1.0.12, < 2.0)
      nenv (~> 0.1)
      notiffany (~> 0.0)
      pry (>= 0.13.0)
      shellany (~> 0.0)
      thor (>= 0.18.1)
    guard-compat (1.2.1)
    guard-rspec (4.7.3)
      guard (~> 2.1)
      guard-compat (~> 1.1)
      rspec (>= 2.99.0, < 4.0)
    haml (6.1.1)
      temple (>= 0.8.2)
      thor
      tilt
    haml_lint (0.43.0)
      haml (>= 4.0, < 6.2)
      parallel (~> 1.10)
      rainbow
      rubocop (>= 0.50.0)
      sysexits (~> 1.1)
    hamster (3.0.0)
      concurrent-ruby (~> 1.0)
    html-attributes-utils (1.0.0)
      activesupport (>= 6.1.4.4)
    htmlbeautifier (1.4.2)
    http_parser.rb (0.8.0)
    i18n (1.12.0)
      concurrent-ruby (~> 1.0)
    json (2.6.3)
    json_schema (0.21.0)
    kramdown (2.4.0)
      rexml
    listen (3.8.0)
      rb-fsevent (~> 0.10, >= 0.10.3)
      rb-inotify (~> 0.9, >= 0.9.10)
    loofah (2.19.1)
      crass (~> 1.0.2)
      nokogiri (>= 1.5.9)
    lumberjack (1.2.8)
    memo_wise (1.7.0)
    method_source (1.0.0)
    minitest (5.17.0)
    nanoc-live (1.0.0)
      adsf-live (~> 1.4)
      listen (~> 3.0)
      nanoc-cli (~> 4.11, >= 4.11.14)
      nanoc-core (~> 4.11, >= 4.11.14)
    nenv (0.3.0)
    nokogiri (1.13.10-arm64-darwin)
      racc (~> 1.4)
    nokogiri (1.13.10-x86_64-linux)
      racc (~> 1.4)
    notiffany (0.1.3)
      nenv (~> 0.1)
      shellany (~> 0.0)
    pagy (6.0.0)
    parallel (1.22.1)
    parser (3.2.0.0)
      ast (~> 2.4.1)
    pastel (0.8.0)
      tty-color (~> 0.5)
    pry (0.14.2)
      coderay (~> 1.1)
      method_source (~> 1.0)
    pry-byebug (3.10.1)
      byebug (~> 11.0)
      pry (>= 0.13, < 0.15)
    psych (4.0.6)
      stringio
    public_suffix (5.0.1)
    racc (1.6.2)
    rack (2.2.5)
    rack-livereload (0.3.17)
      rack
    rack-test (2.0.2)
      rack (>= 1.3)
    rails-dom-testing (2.0.3)
      activesupport (>= 4.2.0)
      nokogiri (>= 1.6)
    rails-html-sanitizer (1.4.4)
      loofah (~> 2.19, >= 2.19.1)
    railties (7.0.4)
      actionpack (= 7.0.4)
      activesupport (= 7.0.4)
      method_source
      rake (>= 12.2)
      thor (~> 1.0)
      zeitwerk (~> 2.5)
    rainbow (3.1.1)
    rake (13.0.6)
    rb-fsevent (0.11.2)
    rb-inotify (0.10.1)
      ffi (~> 1.0)
    regexp_parser (2.6.1)
    rexml (3.2.5)
    rouge (4.0.1)
    rspec (3.12.0)
      rspec-core (~> 3.12.0)
      rspec-expectations (~> 3.12.0)
      rspec-mocks (~> 3.12.0)
    rspec-core (3.12.0)
      rspec-support (~> 3.12.0)
    rspec-expectations (3.12.2)
      diff-lcs (>= 1.2.0, < 2.0)
      rspec-support (~> 3.12.0)
    rspec-html-matchers (0.10.0)
      nokogiri (~> 1)
      rspec (>= 3.0.0.a)
    rspec-mocks (3.12.2)
      diff-lcs (>= 1.2.0, < 2.0)
      rspec-support (~> 3.12.0)
    rspec-rails (6.0.1)
      actionpack (>= 6.1)
      activesupport (>= 6.1)
      railties (>= 6.1)
      rspec-core (~> 3.11)
      rspec-expectations (~> 3.11)
      rspec-mocks (~> 3.11)
      rspec-support (~> 3.11)
    rspec-support (3.12.0)
    rubocop (1.43.0)
      json (~> 2.3)
      parallel (~> 1.10)
      parser (>= 3.2.0.0)
      rainbow (>= 2.2.2, < 4.0)
      regexp_parser (>= 1.8, < 3.0)
      rexml (>= 3.2.5, < 4.0)
      rubocop-ast (>= 1.24.1, < 2.0)
      ruby-progressbar (~> 1.7)
      unicode-display_width (>= 2.4.0, < 3.0)
    rubocop-ast (1.24.1)
      parser (>= 3.1.1.0)
    rubocop-rails (2.17.4)
      activesupport (>= 4.2.0)
      rack (>= 1.1)
      rubocop (>= 1.33.0, < 2.0)
    rubocop-rspec (2.16.0)
      rubocop (~> 1.33)
    ruby-progressbar (1.11.0)
    rubypants (0.7.1)
    sass (3.7.4)
      sass-listen (~> 4.0.0)
    sass-listen (4.0.0)
      rb-fsevent (~> 0.9, >= 0.9.4)
      rb-inotify (~> 0.9, >= 0.9.7)
    sassc (2.4.0)
      ffi (~> 1.9)
    sassc-rails (2.1.2)
      railties (>= 4.0.0)
      sassc (>= 2.0)
      sprockets (> 3.0)
      sprockets-rails
      tilt
    shellany (0.0.1)
    simplecov (0.22.0)
      docile (~> 1.1)
      simplecov-html (~> 0.11)
      simplecov_json_formatter (~> 0.1)
    simplecov-html (0.12.3)
    simplecov_json_formatter (0.1.4)
    slim (4.1.0)
      temple (>= 0.7.6, < 0.9)
      tilt (>= 2.0.6, < 2.1)
    slim_lint (0.22.1)
      rubocop (>= 0.78.0)
      slim (>= 3.0, < 5.0)
    slow_enumerator_tools (1.1.0)
    sprockets (4.2.0)
      concurrent-ruby (~> 1.0)
      rack (>= 2.2.4, < 4)
    sprockets-rails (3.4.2)
      actionpack (>= 5.2)
      activesupport (>= 5.2)
      sprockets (>= 3.0.0)
    sqlite3 (1.5.4-arm64-darwin)
    sqlite3 (1.5.4-x86_64-linux)
    stringio (3.0.4)
    sysexits (1.2.0)
    temple (0.8.2)
    thor (1.2.1)
    tilt (2.0.11)
    tty-color (0.6.0)
    tty-command (0.10.1)
      pastel (~> 0.8)
    tty-platform (0.3.0)
    tty-which (0.5.0)
    tzinfo (2.0.5)
      concurrent-ruby (~> 1.0)
    unicode-display_width (2.4.2)
    view_component (2.74.1)
      activesupport (>= 5.0.0, < 8.0)
      concurrent-ruby (~> 1.0)
      method_source (~> 1.0)
    webrick (1.7.0)
    yard (0.9.28)
      webrick (~> 1.7.0)
    zeitwerk (2.6.6)

PLATFORMS
  arm64-darwin-21
  arm64-darwin-22
  x86_64-linux

DEPENDENCIES
  deep_merge
  dsfr-view-components!
  guard
  guard-rspec
  haml (~> 6.1.1)
  haml_lint
  htmlbeautifier (~> 1.4.1)
  kramdown (~> 2.4.0)
  nanoc!
  nanoc-live
  pry-byebug
  rouge (~> 4.0.0)
  rspec-html-matchers (~> 0.9)
  rspec-rails
  rubocop
  rubocop-rails
  rubocop-rspec (~> 2.14)
  rubypants (~> 0.7.0)
  sass
  sassc (~> 2.4.0)
  sassc-rails
  simplecov (~> 0.20)
  slim (~> 4.1.0)
  slim_lint (~> 0.22.0)
  sqlite3
  webrick (~> 1.7.0)
  yard

BUNDLED WITH
   2.4.3
